GEM
  remote: https://rubygems.org/
  specs:
    activesupport (6.0.3.2)
      concurrent-ruby (~> 1.0, >= 1.0.2)
      i18n (>= 0.7, < 2)
      minitest (~> 5.1)
      tzinfo (~> 1.1)
      zeitwerk (~> 2.2, >= 2.2.2)
    colored2 (3.1.2)
    concurrent-ruby (1.1.7)
    confidante (0.21.0)
      activesupport (>= 4)
      hiera (~> 3.3, >= 3.3.1)
      shikashi (~> 0.6)
    evalhook (0.6.0)
      partialruby (~> 0.3)
      sexp_processor (~> 4.0)
    getsource (0.2.2)
    hamster (3.0.0)
      concurrent-ruby (~> 1.0)
    hiera (3.6.0)
    i18n (1.8.5)
      concurrent-ruby (~> 1.0)
    lino (1.3.0)
      hamster (~> 3.0)
      open4 (~> 1.3)
    minitar (0.9)
    minitest (5.14.2)
    open4 (1.3.4)
    partialruby (0.3.0)
      ruby2ruby (~> 2)
      ruby_parser (~> 3)
    rake (13.0.1)
    rake_dependencies (2.5.0)
      hamster (~> 3.0)
      minitar (~> 0.9)
      rake_factory (~> 0.23)
      rubyzip (>= 1.3)
    rake_factory (0.27.0)
      activesupport (>= 4)
      rake (~> 13.0)
    rake_fly (1.11.0)
      rake_dependencies (~> 2, < 3)
      rake_factory (>= 0.23, < 1)
      ruby_fly (~> 0.11)
      semantic (~> 1.6.1)
    rake_ssh (0.4.0)
      colored2 (~> 3.1)
      rake_factory (~> 0.23)
      sshkey (~> 2.0)
    rake_terraform (1.9.0)
      colored2 (~> 3.1)
      rake_dependencies (~> 2, < 3)
      rake_factory (>= 0.23, < 1)
      ruby-terraform (>= 0.48, < 1)
    ruby-terraform (0.58.0)
      lino (>= 1.1, < 2)
    ruby2ruby (2.4.4)
      ruby_parser (~> 3.1)
      sexp_processor (~> 4.6)
    ruby_fly (0.15.0)
      lino (~> 1.1)
    ruby_parser (3.15.0)
      sexp_processor (~> 4.9)
    rubyzip (2.3.0)
    semantic (1.6.1)
    sexp_processor (4.15.1)
    shikashi (0.6.0)
      evalhook (>= 0.6.0)
      getsource (>= 0.1.0)
    sshkey (2.0.0)
    thread_safe (0.3.6)
    tzinfo (1.2.7)
      thread_safe (~> 0.1)
    zeitwerk (2.4.0)

PLATFORMS
  ruby

DEPENDENCIES
  confidante (~> 0.21)
  lino (~> 1.3)
  rake (~> 13.0)
  rake_dependencies (~> 2.5)
  rake_fly (~> 1.11)
  rake_ssh (~> 0.2)
  rake_terraform (~> 1.9)

BUNDLED WITH
   2.1.4
